GEM
  remote: https://rubygems.org/
  specs:
    diff-lcs (1.3)
    redis (4.0.1)
    rspec (3.7.0)
      rspec-core (~> 3.7.0)
      rspec-expectations (~> 3.7.0)
      rspec-mocks (~> 3.7.0)
    rspec-core (3.7.1)
      rspec-support (~> 3.7.0)
    rspec-expectations (3.7.0)
      diff-lcs (>= 1.2.0, < 2.0)
      rspec-support (~> 3.7.0)
    rspec-mocks (3.7.0)
      diff-lcs (>= 1.2.0, < 2.0)
      rspec-support (~> 3.7.0)
    rspec-support (3.7.1)
    simple_event_sourcing (1.0.0)
      redis

PLATFORMS
  ruby

DEPENDENCIES
  redis
  rspec
  simple_event_sourcing (~> 1.0.0)

BUNDLED WITH
   1.16.1
